GEM
  remote: http://rubygems.org/
  specs:
    base64 (0.2.0)
    builder (3.3.0)
    concurrent-ruby (1.2.2)
    daemons (1.4.1)
    eventmachine (1.2.7)
    i18n (1.14.1)
      concurrent-ruby (~> 1.0)
    maruku (0.7.3)
    mustermann (3.0.3)
      ruby2_keywords (~> 0.0.1)
    rack (2.2.11)
    rack-protection (3.2.0)
      base64 (>= 0.1.0)
      rack (~> 2.2, >= 2.2.4)
    rack-ssl-enforcer (0.2.9)
    rexml (3.3.2)
      strscan
    ruby2_keywords (0.0.5)
    sinatra (3.2.0)
      mustermann (~> 3.0)
      rack (~> 2.2, >= 2.2.4)
      rack-protection (= 3.2.0)
      tilt (~> 2.0)
    strscan (3.1.0)
    thin (1.8.2)
      daemons (~> 1.0, >= 1.0.9)
      eventmachine (~> 1.0, >= 1.0.4)
      rack (>= 1, < 3)
    tilt (2.4.0)

PLATFORMS
  ruby

DEPENDENCIES
  builder
  i18n
  maruku
  rack-ssl-enforcer
  rexml
  sinatra
  thin

RUBY VERSION
   ruby 3.3.5p100

BUNDLED WITH
   2.4.10
